GEM
  remote: https://rubygems.org/
  specs:
    coderay (1.1.2)
    json (2.1.0)
    method_source (0.9.0)
    openssl (2.0.6)
    pry (0.11.1)
      coderay (~> 1.1.0)
      method_source (~> 0.9.0)
    pry-rails (0.3.6)
      pry (>= 0.10.4)

PLATFORMS
  ruby

DEPENDENCIES
  json
  openssl
  pry-rails

BUNDLED WITH
   1.15.0
